GEM
  remote: https://rubygems.org/
  specs:
    ProMotion (2.1.0)
      methadone (~> 1.7)
    activesupport (3.2.21)
      i18n (~> 0.6, >= 0.6.4)
      multi_json (~> 1.0)
    bubble-wrap (1.7.1)
      bubble-wrap-http (= 1.7.1)
    bubble-wrap-http (1.7.1)
    builder (3.2.2)
    cdq (0.1.10)
      motion-yaml
      ruby-xcdm (~> 0.0, >= 0.0.7)
    i18n (0.6.11)
    methadone (1.8.0)
      bundler
    motion-yaml (1.3)
    multi_json (1.10.1)
    plist (3.1.0)
    rake (10.3.2)
    ruby-xcdm (0.0.8)
      activesupport (~> 3.2)
      builder (~> 3.2)
      plist (~> 3.1)
    ruby_motion_query (0.9.0)

PLATFORMS
  ruby

DEPENDENCIES
  ProMotion (~> 2.1.0)
  bubble-wrap (~> 1.7.1)
  cdq
  rake
  ruby_motion_query
